GIT
  remote: https://github.com/openactive/dataset-site-template-ruby
  revision: 6c24d27f88e8a8c8be31cd62fca988d8b1ba84f9
  specs:
    openactive-dataset_site (0.1.1)
      mustache
      openactive
      typesafe_enum

GIT
  remote: https://github.com/openactive/models-ruby
  revision: f288e2e3b5b0c4d486b7493e676d59f660245181
  specs:
    openactive (0.1.2)
      activesupport
      typesafe_enum

GEM
  remote: https://rubygems.org/
  specs:
    activesupport (6.1.6.1)
      concurrent-ruby (~> 1.0, >= 1.0.2)
      i18n (>= 1.6, < 2)
      minitest (>= 5.1)
      tzinfo (~> 2.0)
      zeitwerk (~> 2.3)
    backports (3.15.0)
    concurrent-ruby (1.1.10)
    daemons (1.3.1)
    eventmachine (1.2.7)
    i18n (1.12.0)
      concurrent-ruby (~> 1.0)
    minitest (5.16.2)
    multi_json (1.14.1)
    mustache (1.1.1)
    mustermann (1.1.1)
      ruby2_keywords (~> 0.0.1)
    rack (2.0.8)
    rack-protection (2.0.8.1)
      rack
    ruby2_keywords (0.0.1)
    sinatra (2.0.8.1)
      mustermann (~> 1.0)
      rack (~> 2.0)
      rack-protection (= 2.0.8.1)
      tilt (~> 2.0)
    sinatra-contrib (2.0.8.1)
      backports (>= 2.8.2)
      multi_json
      mustermann (~> 1.0)
      rack-protection (= 2.0.8.1)
      sinatra (= 2.0.8.1)
      tilt (~> 2.0)
    thin (1.7.2)
      daemons (~> 1.0, >= 1.0.9)
      eventmachine (~> 1.0, >= 1.0.4)
      rack (>= 1, < 3)
    tilt (2.0.10)
    typesafe_enum (0.1.9)
    tzinfo (2.0.5)
      concurrent-ruby (~> 1.0)
    zeitwerk (2.6.0)

PLATFORMS
  ruby

DEPENDENCIES
  openactive!
  openactive-dataset_site!
  sinatra
  sinatra-contrib
  thin

RUBY VERSION
   ruby 2.6.3p62

BUNDLED WITH
   2.0.2
